GIT
  remote: git://github.com/britishtea/cinch-imdb.git
  revision: 51dab2f7360f0ad17cc250c3134021271bd01df2
  specs:
    cinch-imdb (1.1.1)
      cinch (~> 2.0.0)
      imdb_party (~> 0.7.1)

GIT
  remote: git://github.com/britishtea/whatcd.git
  revision: 10852b9eff7446a174dde28c05a6db3fa94bcdba
  specs:
    whatcd (0.1.5)
      httparty

GIT
  remote: git://github.com/cinchrb/cinch-identify.git
  revision: b689447504f832fb902e5ed007acd186b6384142
  specs:
    cinch-identify (1.3.0)
      cinch (~> 2.0)

GIT
  remote: git://github.com/injekt/slop.git
  revision: d9651acb75edcc63d0786c0a084160b46aa2a705
  specs:
    slop (3.3.2)

GEM
  remote: http://rubygems.org/
  specs:
    addressable (2.2.8)
    bcrypt-ruby (3.0.1)
    cinch (2.0.3)
    daemons (1.1.9)
    data_mapper (1.2.0)
      dm-aggregates (~> 1.2.0)
      dm-constraints (~> 1.2.0)
      dm-core (~> 1.2.0)
      dm-migrations (~> 1.2.0)
      dm-serializer (~> 1.2.0)
      dm-timestamps (~> 1.2.0)
      dm-transactions (~> 1.2.0)
      dm-types (~> 1.2.0)
      dm-validations (~> 1.2.0)
    data_objects (0.10.8)
      addressable (~> 2.1)
    dm-aggregates (1.2.0)
      dm-core (~> 1.2.0)
    dm-constraints (1.2.0)
      dm-core (~> 1.2.0)
    dm-core (1.2.0)
      addressable (~> 2.2.6)
    dm-do-adapter (1.2.0)
      data_objects (~> 0.10.6)
      dm-core (~> 1.2.0)
    dm-migrations (1.2.0)
      dm-core (~> 1.2.0)
    dm-postgres-adapter (1.2.0)
      dm-do-adapter (~> 1.2.0)
      do_postgres (~> 0.10.6)
    dm-serializer (1.2.2)
      dm-core (~> 1.2.0)
      fastercsv (~> 1.5)
      json (~> 1.6)
      json_pure (~> 1.6)
      multi_json (~> 1.0)
    dm-sqlite-adapter (1.2.0)
      dm-do-adapter (~> 1.2.0)
      do_sqlite3 (~> 0.10.6)
    dm-timestamps (1.2.0)
      dm-core (~> 1.2.0)
    dm-transactions (1.2.0)
      dm-core (~> 1.2.0)
    dm-types (1.2.2)
      bcrypt-ruby (~> 3.0)
      dm-core (~> 1.2.0)
      fastercsv (~> 1.5)
      json (~> 1.6)
      multi_json (~> 1.0)
      stringex (~> 1.4)
      uuidtools (~> 2.1)
    dm-validations (1.2.0)
      dm-core (~> 1.2.0)
    do_postgres (0.10.8)
      data_objects (= 0.10.8)
    do_sqlite3 (0.10.8)
      data_objects (= 0.10.8)
    fastercsv (1.5.5)
    httparty (0.8.2)
      multi_json
      multi_xml
    imdb_party (0.7.1)
      httparty
    json (1.7.4)
    json_pure (1.7.4)
    multi_json (1.3.6)
    multi_xml (0.5.1)
    rake (0.9.2.2)
    stringex (1.4.0)
    uuidtools (2.1.3)

PLATFORMS
  ruby

DEPENDENCIES
  cinch
  cinch-identify!
  cinch-imdb!
  daemons
  data_mapper (~> 1.2.0)
  dm-postgres-adapter
  dm-sqlite-adapter
  httparty (= 0.8.2)
  rake
  slop!
  whatcd!
